FRAMEWORK: NET45
NUGET
  remote: https://www.nuget.org/api/v2
    CommonServiceLocator (1.3)
    CsvHelper (2.16)
    MvvmLightLibs (5.3)
      CommonServiceLocator (>= 1.3)
    WindowsAPICodePack-Core (1.1.2)
    WindowsAPICodePack-Shell (1.1.1)
      WindowsAPICodePack-Core (>= 1.1.1)
