FRAMEWORK: >= NET45
NUGET
  remote: https://www.nuget.org/api/v2
    Castle.Core (3.3.3)
    CommonServiceLocator (1.3)
    CsvHelper (2.16)
    Moq (4.5.16)
      Castle.Core (>= 3.3.3)
    MvvmLightLibs (5.3)
      CommonServiceLocator (>= 1.3)
    NUnit (3.4.1)
    NUnit.ConsoleRunner (3.4.1)
    NUnit.Extension.NUnitProjectLoader (3.4.1)
    NUnit.Extension.NUnitV2Driver (3.4.1)
    NUnit.Extension.NUnitV2ResultWriter (3.4.1)
    NUnit.Extension.TeamCityEventListener (1.0.1)
    NUnit.Extension.VSProjectLoader (3.4.1)
    NUnit.Runners (3.4.1)
      NUnit.ConsoleRunner (>= 3.4.1)
      NUnit.Extension.NUnitProjectLoader (>= 3.4.1)
      NUnit.Extension.NUnitV2Driver (>= 3.4.1)
      NUnit.Extension.NUnitV2ResultWriter (>= 3.4.1)
      NUnit.Extension.TeamCityEventListener (>= 1.0.1)
      NUnit.Extension.VSProjectLoader (>= 3.4.1)
    WindowsAPICodePack-Core (1.1.2)
    WindowsAPICodePack-Shell (1.1.1)
      WindowsAPICodePack-Core (>= 1.1.1)
  remote: paket-files/github.com/andburn/hdt-plugin-common/Common.NuPkg
    HDT.Plugins.Common (0.1.0.0)
GIT
  remote: https://github.com/andburn/hdt-plugin-common.git
     (7bae6687661df0f63f8134bf810eab721e72f211)
      path: /Common.NuPkg/