FRAMEWORK: >= NET45
NUGET
  remote: https://www.nuget.org/api/v2
    CommonServiceLocator (1.3)
    CsvHelper (2.16)
    MvvmLightLibs (5.3)
      CommonServiceLocator (>= 1.3)
    WindowsAPICodePack-Core (1.1.2)
    WindowsAPICodePack-Shell (1.1.1)
      WindowsAPICodePack-Core (>= 1.1.1)
  remote: paket-files/github.com/andburn/hdt-plugin-common/Common.NuPkg
    HDT.Plugins.Common (0.1.0.0)
GIT
  remote: https://github.com/andburn/hdt-plugin-common.git
     (9eb013a216c24911560fcad0b48f2d63cb074921)
      path: /Common.NuPkg/