FRAMEWORK: >= NET45
NUGET
  remote: https://www.nuget.org/api/v2
    Castle.Core (3.3.3)
    CommonServiceLocator (1.3)
    Costura.Fody (1.3.3)
      Fody (>= 1.26.1)
    CsvHelper (2.16.3)
    Fody (1.29.4)
    GitVersionTask (3.6.4)
    ini-parser (2.3)
    Moq (4.5.22)
      Castle.Core (>= 3.3.3)
    MvvmLightLibs (5.3)
      CommonServiceLocator (>= 1.3)
    NUnit (3.5)
    NUnit.ConsoleRunner (3.4.1)
    NUnit.Extension.NUnitProjectLoader (3.5)
    NUnit.Extension.NUnitV2Driver (3.5)
    NUnit.Extension.NUnitV2ResultWriter (3.5)
    NUnit.Extension.TeamCityEventListener (1.0.2)
    NUnit.Extension.VSProjectLoader (3.5)
    NUnit.Runners (3.4.1)
      NUnit.ConsoleRunner (>= 3.4.1)
      NUnit.Extension.NUnitProjectLoader (>= 3.4.1)
      NUnit.Extension.NUnitV2Driver (>= 3.4.1)
      NUnit.Extension.NUnitV2ResultWriter (>= 3.4.1)
      NUnit.Extension.TeamCityEventListener (>= 1.0.1)
      NUnit.Extension.VSProjectLoader (>= 3.4.1)
    Ookii.Dialogs (1.0)
  remote: paket-files/github.com/andburn/hdt-plugin-common/Common.NuPkg
    HDT.Plugins.Common (0.1.0.0)
      ini-parser (>= 2.3)
GIT
  remote: https://github.com/andburn/hdt-plugin-common.git
     (991a508f4cf579c3932b2b2e0419938229c327cf)
      path: /Common.NuPkg/